GEM
  remote: https://rubygems.org/
  specs:
    nio4r (2.5.7)
    puma (5.4.0)
      nio4r (~> 2.0)
    rack (2.2.3)

PLATFORMS
  x86_64-linux

DEPENDENCIES
  puma
  rack

RUBY VERSION
   ruby 3.0.1p64

BUNDLED WITH
   2.2.25
